GEM
  remote: https://rubygems.org/
  specs:
    albacore (0.3.5)
      rubyzip
    rubyzip (2.3.2)

PLATFORMS
  ruby
  x86-mingw32

DEPENDENCIES
  albacore
